PATH
  remote: .
  specs:
    prmd (0.0.1)
      erubis

GEM
  remote: https://rubygems.org/
  specs:
    erubis (2.7.0)
    minitest (4.7.5)
    rake (10.1.0)

PLATFORMS
  ruby

DEPENDENCIES
  bundler (~> 1.3)
  minitest
  prmd!
  rake
