PATH
  remote: .
  specs:
    prmd (0.0.1)
      diff-lcs
      erubis

GEM
  remote: https://rubygems.org/
  specs:
    diff-lcs (1.2.5)
    erubis (2.7.0)
    rake (10.1.0)

PLATFORMS
  ruby

DEPENDENCIES
  bundler (~> 1.3)
  prmd!
  rake
